GEM
  remote: https://rubygems.org/
  specs:
    json (2.3.0)
    mustermann (1.0.3)
    r18n-core (3.1.2)
    rack (2.1.4)
    rack-contrib (2.0.1)
      rack (~> 2.0)
    rack-protection (2.0.4)
      rack
    sinatra (2.0.4)
      mustermann (~> 1.0)
      rack (~> 2.0)
      rack-protection (= 2.0.4)
      tilt (~> 2.0)
    sinatra-r18n (3.1.2)
      r18n-core (= 3.1.2)
      sinatra (>= 1.3, < 3)
    sqlite3 (1.4.2)
    tilt (2.0.8)

PLATFORMS
  ruby

DEPENDENCIES
  json
  rack
  rack-contrib
  sinatra (~> 2.0.4)
  sinatra-r18n
  sqlite3

BUNDLED WITH
   1.17.2
